PATH
  remote: .
  specs:
    mm-versionable (0.2.6)
      bson_ext
      builder
      differ
      i18n
      mongo_mapper (>= 0.9.0)

GEM
  remote: http://rubygems.org/
  specs:
    activemodel (3.0.10)
      activesupport (= 3.0.10)
      builder (~> 2.1.2)
      i18n (~> 0.5.0)
    activesupport (3.0.10)
    archive-tar-minitar (0.5.2)
    bson (1.3.1)
    bson_ext (1.3.1)
    builder (2.1.2)
    columnize (0.3.4)
    differ (0.1.2)
    i18n (0.5.0)
    linecache19 (0.5.12)
      ruby_core_source (>= 0.1.4)
    mongo (1.3.1)
      bson (>= 1.3.1)
    mongo_mapper (0.9.1)
      activemodel (~> 3.0)
      activesupport (~> 3.0)
      plucky (~> 0.3.8)
    plucky (0.3.8)
      mongo (~> 1.3)
    rake (0.9.2)
    ruby-debug-base19 (0.11.25)
      columnize (>= 0.3.1)
      linecache19 (>= 0.5.11)
      ruby_core_source (>= 0.1.4)
    ruby-debug19 (0.11.6)
      columnize (>= 0.3.1)
      linecache19 (>= 0.5.11)
      ruby-debug-base19 (>= 0.11.19)
    ruby_core_source (0.1.5)
      archive-tar-minitar (>= 0.5.2)
    shoulda (2.11.3)

PLATFORMS
  ruby

DEPENDENCIES
  mm-versionable!
  rake
  ruby-debug19
  shoulda
